GIT
  remote: git://github.com/muffinista/chatterbot.git
  revision: 5482746e2190fb2c735ac822ed5df9ce39370979
  specs:
    chatterbot (0.9.3)
      colorize (>= 0.7.3)
      launchy (>= 2.4.2)
      oauth (>= 0.4.7)
      twitter (= 5.8.0)

GEM
  remote: https://rubygems.org/
  specs:
    addressable (2.3.6)
    buftok (0.2.0)
    coderay (1.1.0)
    colorize (0.7.3)
    equalizer (0.0.9)
    faraday (0.9.0)
      multipart-post (>= 1.2, < 3)
    http (0.5.1)
      http_parser.rb
    http_parser.rb (0.6.0)
    json (1.8.1)
    launchy (2.4.3)
      addressable (~> 2.3)
    memoizable (0.4.2)
      thread_safe (~> 0.3, >= 0.3.1)
    method_source (0.8.2)
    multipart-post (2.0.0)
    naught (1.0.0)
    oauth (0.4.7)
    pry (0.10.1)
      coderay (~> 1.1.0)
      method_source (~> 0.8.1)
      slop (~> 3.4)
    simple_oauth (0.2.0)
    slop (3.6.0)
    thread_safe (0.3.4)
    twitter (5.8.0)
      addressable (~> 2.3)
      buftok (~> 0.2.0)
      equalizer (~> 0.0.9)
      faraday (~> 0.9.0)
      http (~> 0.5.0)
      http_parser.rb (~> 0.6.0)
      json (~> 1.8)
      memoizable (~> 0.4.0)
      naught (~> 1.0)
      simple_oauth (~> 0.2.0)
    twitter-text (1.9.2)
      unf (~> 0.1.0)
    unf (0.1.4)
      unf_ext
    unf_ext (0.0.6)

PLATFORMS
  ruby

DEPENDENCIES
  chatterbot!
  pry
  twitter-text
